GEM
  remote: https://rubygems.org/
  specs:
    ascii_paint (0.2.1)
      chunky_png (~> 1.2.9)
    chunky_png (1.2.9)
    rack (1.5.2)
    rack-protection (1.5.2)
      rack
    sinatra (1.4.4)
      rack (~> 1.4)
      rack-protection (~> 1.4)
      tilt (~> 1.3, >= 1.3.4)
    tilt (1.4.1)

PLATFORMS
  ruby

DEPENDENCIES
  ascii_paint
  sinatra
